GIT
  remote: https://github.com/sinatra/sinatra.git
  revision: 62e2f0d966acd491a44267881e6cd623b6c8945a
  specs:
    rack-protection (2.0.0)
      rack
    sinatra (2.0.0)
      mustermann (~> 1.0)
      rack (~> 2.0)
      rack-protection (= 2.0.0)
      tilt (~> 2.0)

GEM
  remote: https://rubygems.org/
  specs:
    activesupport (5.1.4)
      concurrent-ruby (~> 1.0, >= 1.0.2)
      i18n (~> 0.7)
      minitest (~> 5.1)
      tzinfo (~> 1.1)
    bson (1.12.5)
    bson_ext (1.12.5)
      bson (~> 1.12.5)
    concurrent-ruby (1.0.5)
    faraday (0.12.2)
      multipart-post (>= 1.2, < 3)
    ffi (1.9.18)
    git_repository (0.0.11)
    hashie (3.5.6)
    httparty (0.15.6)
      multi_xml (>= 0.5.2)
    i18n (0.9.1)
      concurrent-ruby (~> 1.0)
    jsmin (1.0.1)
    jwt (1.5.6)
    libv8 (3.16.14.19)
    minitest (5.10.3)
    multi_json (1.12.2)
    multi_xml (0.6.0)
    multipart-post (2.0.0)
    mustermann (1.0.1)
    oauth2 (1.4.0)
      faraday (>= 0.8, < 0.13)
      jwt (~> 1.0)
      multi_json (~> 1.3)
      multi_xml (~> 0.5)
      rack (>= 1.2, < 3)
    omniauth (1.7.1)
      hashie (>= 3.4.6, < 3.6.0)
      rack (>= 1.6.2, < 3)
    omniauth-authic (0.0.4)
      omniauth-oauth2 (>= 1.0.2)
    omniauth-oauth2 (1.4.0)
      oauth2 (~> 1.0)
      omniauth (~> 1.2)
    power_assert (1.1.1)
    puma (3.11.0)
    rack (2.0.3)
    rack-ssl-enforcer (0.2.9)
    rack-test (0.8.2)
      rack (>= 1.0, < 3)
    rake (12.3.0)
    rb-fsevent (0.10.2)
    rb-inotify (0.9.10)
      ffi (>= 0.5.0, < 2)
    ref (2.0.0)
    sass (3.5.3)
      sass-listen (~> 4.0.0)
    sass-listen (4.0.0)
      rb-fsevent (~> 0.9, >= 0.9.4)
      rb-inotify (~> 0.9, >= 0.9.7)
    sinatra-assetpack (0.3.1)
      jsmin
      rack-test
      sinatra
      tilt (>= 1.3.0)
    test-unit (3.2.6)
      power_assert
    therubyracer (0.12.3)
      libv8 (~> 3.16.14.15)
      ref
    thread_safe (0.3.6)
    tilt (2.0.8)
    tzinfo (1.2.4)
      thread_safe (~> 0.1)

PLATFORMS
  ruby

DEPENDENCIES
  activesupport
  bson_ext
  git_repository
  httparty
  omniauth-authic
  puma
  rack-ssl-enforcer
  rack-test
  rake
  sass
  sinatra!
  sinatra-assetpack
  test-unit
  therubyracer

RUBY VERSION
   ruby 2.4.1p111

BUNDLED WITH
   1.16.0
